RESTRICTION: == net461
NUGET
  remote: https://www.nuget.org/api/v2
    CNTK.CPUOnly (2.5)
      CNTK.Deps.MKL (2.5)
      CNTK.Deps.OpenCV.Zip (2.5)
    CNTK.Deps.MKL (2.5)
    CNTK.Deps.OpenCV.Zip (2.5)
    FAKE (4.64.11)
    FSharp.Core (4.1.18)
    NuGet.CommandLine (4.5.1)
